GEM
  remote: https://rubygems.org/
  specs:
    digest-crc (0.6.3)
      rake (>= 12.0.0, < 14.0.0)
    rake (13.0.6)
    ruby-kafka (1.3.0)
      digest-crc

PLATFORMS
  x86_64-linux

DEPENDENCIES
  ruby-kafka

BUNDLED WITH
   2.2.15
